GEM
  remote: https://rubygems.org/
  specs:
    json (2.0.3)
    multi_json (1.12.1)
    rack (1.6.5)
    rack-protection (1.5.3)
      rack
    sinatra (1.4.8)
      rack (~> 1.5)
      rack-protection (~> 1.4)
      tilt (>= 1.3, < 3)
    sinatra-json (0.1.0)
      multi_json (~> 1.0)
      sinatra (~> 1.0)
    tilt (2.0.6)

PLATFORMS
  ruby

DEPENDENCIES
  json
  sinatra
  sinatra-json

BUNDLED WITH
   1.14.5
